GEM
  remote: https://rubygems.org/
  specs:
    base64 (0.2.0)
    holidays (8.8.0)
    icalendar (2.10.3)
      ice_cube (~> 0.16)
      ostruct
    ice_cube (0.17.0)
    logger (1.6.5)
    ostruct (0.6.0)
    progress (3.6.0)
    rake (13.2.1)

PLATFORMS
  ruby

DEPENDENCIES
  base64
  holidays (~> 8.8)
  icalendar (~> 2.10)
  logger
  progress (~> 3.6)
  rake

BUNDLED WITH
   2.5.6
